GEM
  remote: https://rubygems.org/
  specs:
    polylines (0.4.0)

PLATFORMS
  arm64-darwin-24

DEPENDENCIES
  polylines (~> 0.4.0)

BUNDLED WITH
   2.4.22
